GEM
  remote: https://rubygems.org/
  specs:
    aws-eventstream (1.3.0)
    aws-msk-iam-sasl-signer (0.1.0)
      aws-sdk-kafka
      thor
    aws-partitions (1.924.0)
    aws-sdk-core (3.194.1)
      aws-eventstream (~> 1, >= 1.3.0)
      aws-partitions (~> 1, >= 1.651.0)
      aws-sigv4 (~> 1.8)
      jmespath (~> 1, >= 1.6.1)
    aws-sdk-kafka (1.70.0)
      aws-sdk-core (~> 3, >= 3.193.0)
      aws-sigv4 (~> 1.1)
    aws-sigv4 (1.8.0)
      aws-eventstream (~> 1, >= 1.0.2)
    base64 (0.2.0)
    bigdecimal (3.1.7)
    ffi (1.16.3)
    jmespath (1.6.2)
    karafka-rdkafka (0.15.0)
      ffi (~> 1.15)
      mini_portile2 (~> 2.6)
      rake (> 12)
    mini_portile2 (2.8.6)
    rake (13.2.1)
    rexml (3.2.6)
    shale (1.1.0)
      bigdecimal
    thor (1.3.1)

PLATFORMS
  arm64-darwin-22
  ruby

DEPENDENCIES
  aws-msk-iam-sasl-signer
  base64
  karafka-rdkafka
  rexml (~> 3.2)
  shale

BUNDLED WITH
   2.5.7
